GEM
  remote: https://rubygems.org/
  specs:
    awesome_print (1.8.0)
    colorize (0.8.1)
      awesome_print (>= 0.2.1)
      unidecoder (>= 1.1.1)
    ipaddr (1.2.2)
    macaddr (1.7.2)
      systemu (~> 2.6.5)
    systemu (2.6.5)
    tty-platform (0.3.0)
    unidecoder (1.1.2)

PLATFORMS
  ruby

DEPENDENCIES
  colorize (~> 0.8.1)
  curl (~> 0.0.9)
  ipaddr (~> 1.2, >= 1.2.2)
  macaddr (~> 1.7, >= 1.7.2)
  tty-platform (~> 0.3.0)

BUNDLED WITH
   2.1.4
